GEM
  remote: http://rubygems.org/
  specs:
    angry_hash (0.2.2)
    bson (1.0.9)
    bson_ext (1.0.9)
    exemplor (3000.3.0)
    mongo (1.0.9)
      bson (>= 1.0.5)

PLATFORMS
  ruby

DEPENDENCIES
  angry_hash (~> 0.2.0)
  bson_ext
  exemplor
  mongo
